GEM
  specs:
    chronic (0.10.2)
    colorize (0.7.7)

PLATFORMS
  x64-mingw32

DEPENDENCIES
  chronic (= 0.10.2)
  colorize (= 0.7.7)

BUNDLED WITH
   1.11.2
